PATH
  remote: .
  specs:
    eslint-changes (0.1.0)
      colorize (~> 0.8.1)
      git_diff_parser (~> 3.2)

GEM
  remote: https://rubygems.org/
  specs:
    byebug (10.0.2)
    colorize (0.8.1)
    diff-lcs (1.3)
    git_diff_parser (3.2.0)
    rake (13.0.3)
    rspec (3.9.0)
      rspec-core (~> 3.9.0)
      rspec-expectations (~> 3.9.0)
      rspec-mocks (~> 3.9.0)
    rspec-core (3.9.0)
      rspec-support (~> 3.9.0)
    rspec-expectations (3.9.0)
      diff-lcs (>= 1.2.0, < 2.0)
      rspec-support (~> 3.9.0)
    rspec-mocks (3.9.0)
      diff-lcs (>= 1.2.0, < 2.0)
      rspec-support (~> 3.9.0)
    rspec-support (3.9.0)

PLATFORMS
  ruby

DEPENDENCIES
  bundler (~> 2.0)
  byebug (~> 10.0)
  eslint-changes!
  rake (~> 13.0)
  rspec (~> 3.0)

BUNDLED WITH
   2.3.12
